PATH
  remote: .
  specs:
    swftly (0.0.01pre)

GEM
  remote: http://rubygems.org/
  specs:
    curb (0.8.4)
    diff-lcs (1.2.4)
    rspec (2.14.1)
      rspec-core (~> 2.14.0)
      rspec-expectations (~> 2.14.0)
      rspec-mocks (~> 2.14.0)
    rspec-core (2.14.3)
    rspec-expectations (2.14.0)
      diff-lcs (>= 1.1.3, < 2.0)
    rspec-mocks (2.14.1)

PLATFORMS
  ruby

DEPENDENCIES
  curb (~> 0.8.4)
  rspec
  swftly!
