PATH
  remote: .
  specs:
    swftly (0.0.1)

GEM
  remote: http://rubygems.org/
  specs:
    addressable (2.3.4)
    crack (0.3.2)
    curb (0.8.4)
    diff-lcs (1.2.4)
    rspec (2.14.1)
      rspec-core (~> 2.14.0)
      rspec-expectations (~> 2.14.0)
      rspec-mocks (~> 2.14.0)
    rspec-core (2.14.3)
    rspec-expectations (2.14.0)
      diff-lcs (>= 1.1.3, < 2.0)
    rspec-mocks (2.14.1)
    vcr (2.4.0)
    webmock (1.11.0)
      addressable (>= 2.2.7)
      crack (>= 0.3.2)

PLATFORMS
  ruby

DEPENDENCIES
  curb (~> 0.8.4)
  rspec
  swftly!
  vcr
  webmock
